NUGET
  remote: https://api.nuget.org/v3/index.json
    Fable.Core (4.0.0-theta-007)
    FSharp.Core (7.0)
  remote: D:\code\perso\Fable\Fable.Dart
    Fable.Dart (1.0.10)
      Fable.Core (>= 4.0.0-theta-007) - restriction: >= net6.0
      FSharp.Core (>= 7.0) - restriction: >= net6.0
