NUGET
  remote: https://api.nuget.org/v3/index.json
    Fable.Core (4.0.0-theta-007)
    Fable.Dart (1.2)
      Fable.Core (>= 4.0.0-theta-007) - restriction: >= net6.0
      FSharp.Core (>= 7.0.200) - restriction: >= net6.0
    FSharp.Core (7.0.200)
